GEM
  remote: https://rubygems.org/
  specs:
    curb (0.8.6)
    elasticsearch (1.0.4)
      elasticsearch-api (= 1.0.4)
      elasticsearch-transport (= 1.0.4)
    elasticsearch-api (1.0.4)
      multi_json
    elasticsearch-transport (1.0.4)
      faraday
      multi_json
    faraday (0.9.0)
      multipart-post (>= 1.2, < 3)
    mini_portile (0.6.0)
    minitest (5.4.0)
    multi_json (1.10.1)
    multipart-post (2.0.0)
    nokogiri (1.6.3.1)
      mini_portile (= 0.6.0)
    oj (2.10.2)
    rake (10.3.2)
    ruby-progressbar (1.5.1)

PLATFORMS
  ruby

DEPENDENCIES
  curb
  elasticsearch (~> 1.0)
  minitest
  nokogiri
  oj
  rake
  ruby-progressbar
