GEM
  remote: https://rubygems.org/
  specs:
    activemodel (3.2.13)
      activesupport (= 3.2.13)
      builder (~> 3.0.0)
    activesupport (3.2.13)
      i18n (= 0.6.1)
      multi_json (~> 1.0)
    ansi (1.4.3)
    builder (3.0.4)
    curb (0.8.4)
    hashr (0.0.22)
    i18n (0.6.1)
    mime-types (1.23)
    minitest (5.0.3)
    multi_json (1.7.4)
    nokogiri (1.5.9)
    oj (2.0.14)
    rake (10.0.4)
    rest-client (1.6.7)
      mime-types (>= 1.16)
    ruby-progressbar (1.0.2)
    tire (0.5.8)
      activemodel (>= 3.0)
      activesupport
      ansi
      hashr (~> 0.0.19)
      multi_json (~> 1.3)
      rake
      rest-client (~> 1.6)

PLATFORMS
  ruby

DEPENDENCIES
  curb
  minitest
  nokogiri
  oj
  rake
  ruby-progressbar
  tire
